GEM
  remote: https://rubygems.org/
  specs:
    addressable (2.3.8)
    byebug (9.0.6)
    faraday (0.9.2)
      multipart-post (>= 1.2, < 3)
    multipart-post (2.0.0)
    octokit (4.2.0)
      sawyer (~> 0.6.0, >= 0.5.3)
    phantomjs (2.1.1.0)
    sawyer (0.6.0)
      addressable (~> 2.3.5)
      faraday (~> 0.8, < 0.10)

PLATFORMS
  ruby

DEPENDENCIES
  byebug
  octokit
  phantomjs

BUNDLED WITH
   1.14.3
