GEM
  remote: https://rubygems.org/
  specs:
    byebug (9.0.6)
    metaclass (0.0.4)
    minitest (5.10.1)
    mocha (1.2.1)
      metaclass (~> 0.0.1)
    vcr (3.0.3)

PLATFORMS
  ruby

DEPENDENCIES
  byebug
  minitest (~> 5.0)
  mocha
  vcr

BUNDLED WITH
   1.14.6
